GIT
  remote: git@github.com:Invoca/hobosupport
  revision: 38006a80d32c594ff765951c4c0552c574b8d9cf
  ref: 38006a80d32c594ff765951c4c0552c574b8d9cf
  specs:
    hobo_support (2.0.1)
      rails (~> 4.0)

GIT
  remote: git@github.com:Invoca/large_text_field.git
  revision: efb3a902192bd60262cf2379ba1e95ec6e530236
  ref: efb3a902192bd60262cf2379ba1e95ec6e530236
  specs:
    large_text_field (0.0.2)
      hobo_support (= 2.0.1)
      protected_attributes
      rails (~> 4.0)

PATH
  remote: .
  specs:
    aggregate (0.0.3)
      hobo_support (= 2.0.1)
      large_text_field (= 0.0.2)
      rails (~> 4.0)
      railties (~> 4.0)

GEM
  remote: https://rubygems.org/
  specs:
    actionmailer (4.0.13)
      actionpack (= 4.0.13)
      mail (~> 2.5, >= 2.5.4)
    actionpack (4.0.13)
      activesupport (= 4.0.13)
      builder (~> 3.1.0)
      erubis (~> 2.7.0)
      rack (~> 1.5.2)
      rack-test (~> 0.6.2)
    activemodel (4.0.13)
      activesupport (= 4.0.13)
      builder (~> 3.1.0)
    activerecord (4.0.13)
      activemodel (= 4.0.13)
      activerecord-deprecated_finders (~> 1.0.2)
      activesupport (= 4.0.13)
      arel (~> 4.0.0)
    activerecord-deprecated_finders (1.0.4)
    activesupport (4.0.13)
      i18n (~> 0.6, >= 0.6.9)
      minitest (~> 4.2)
      multi_json (~> 1.3)
      thread_safe (~> 0.1)
      tzinfo (~> 0.3.37)
    arel (4.0.2)
    ast (2.3.0)
    builder (3.1.4)
    coderay (1.1.1)
    concurrent-ruby (1.0.2)
    erubis (2.7.0)
    i18n (0.7.0)
    invoca-utils (0.0.2)
    jquery-rails (3.1.4)
      railties (>= 3.0, < 5.0)
      thor (>= 0.14, < 2.0)
    mail (2.6.4)
      mime-types (>= 1.16, < 4)
    method_source (0.8.2)
    mime-types (3.1)
      mime-types-data (~> 3.2015)
    mime-types-data (3.2016.0521)
    minitest (4.7.5)
    multi_json (1.12.1)
    parser (2.3.1.4)
      ast (~> 2.2)
    power_assert (0.3.1)
    powerpack (0.1.1)
    protected_attributes (1.1.3)
      activemodel (>= 4.0.1, < 5.0)
    pry (0.10.4)
      coderay (~> 1.1.0)
      method_source (~> 0.8.1)
      slop (~> 3.4)
    rack (1.5.5)
    rack-test (0.6.3)
      rack (>= 1.0)
    rails (4.0.13)
      actionmailer (= 4.0.13)
      actionpack (= 4.0.13)
      activerecord (= 4.0.13)
      activesupport (= 4.0.13)
      bundler (>= 1.3.0, < 2.0)
      railties (= 4.0.13)
      sprockets-rails (~> 2.0)
    railties (4.0.13)
      actionpack (= 4.0.13)
      activesupport (= 4.0.13)
      rake (>= 0.8.7)
      thor (>= 0.18.1, < 2.0)
    rainbow (2.1.0)
    rake (11.3.0)
    rr (1.1.2)
    rubocop (0.44.1)
      parser (>= 2.3.1.1, < 3.0)
      powerpack (~> 0.1)
      rainbow (>= 1.99.1, < 3.0)
      ruby-progressbar (~> 1.7)
      unicode-display_width (~> 1.0, >= 1.0.1)
    ruby-progressbar (1.8.1)
    shoulda (3.5.0)
      shoulda-context (~> 1.0, >= 1.0.1)
      shoulda-matchers (>= 1.4.1, < 3.0)
    shoulda-context (1.2.1)
    shoulda-matchers (2.8.0)
      activesupport (>= 3.0.0)
    slop (3.6.0)
    sprockets (3.7.0)
      concurrent-ruby (~> 1.0)
      rack (> 1, < 3)
    sprockets-rails (2.3.3)
      actionpack (>= 3.0)
      activesupport (>= 3.0)
      sprockets (>= 2.8, < 4.0)
    sqlite3 (1.3.12)
    test-unit (3.1.3)
      power_assert
    thor (0.19.1)
    thread_safe (0.3.5)
    tzinfo (0.3.51)
    unicode-display_width (1.1.1)

PLATFORMS
  ruby

DEPENDENCIES
  aggregate!
  hobo_support (= 2.0.1)!
  invoca-utils (= 0.0.2)
  jquery-rails
  large_text_field (= 0.0.2)!
  minitest (~> 4.7.5)
  protected_attributes (= 1.1.3)
  pry
  rr (= 1.1.2)
  rubocop
  shoulda (= 3.5.0)
  sqlite3
  test-unit (= 3.1.3)

BUNDLED WITH
   1.12.5
